GEM
  remote: https://rubygems.org/
  specs:
    alfred-3_workflow (0.1.0)
    alfred-workflow (1.8.0)
      plist (>= 3.1.0)
    genius (0.1.1)
      httparty (~> 0.11.0)
    httparty (0.11.0)
      multi_json (~> 1.0)
      multi_xml (>= 0.5.2)
    multi_json (1.12.1)
    multi_xml (0.6.0)
    plist (3.1.0)

PLATFORMS
  ruby

DEPENDENCIES
  alfred-3_workflow
  alfred-workflow
  genius
  plist

BUNDLED WITH
   1.14.6
